GEM
  remote: https://rubygems.org/
  specs:
    gosu (0.12.1)

PLATFORMS
  ruby

DEPENDENCIES
  gosu

RUBY VERSION
   ruby 2.3.3p222

BUNDLED WITH
   1.13.7
